GEM
  remote: https://rubygems.org/
  specs:
    autocanary24 (0.4.4)
      autostacker24 (~> 2)
      aws-sdk-core (~> 2)
    autostacker24 (2.7.0)
      aws-sdk-core (~> 2)
      json (~> 2.0)
      json_pure (~> 2.0)
    aws-sdk-core (2.10.4)
      aws-sigv4 (~> 1.0)
      jmespath (~> 1.0)
    aws-sigv4 (1.0.0)
    dogapi (1.27.0)
      multi_json
    jmespath (1.3.1)
    json (2.1.0)
    json_pure (2.1.0)
    multi_json (1.12.1)
    rake (12.0.0)

PLATFORMS
  ruby

DEPENDENCIES
  autocanary24
  dogapi
  json
  rake

BUNDLED WITH
   1.13.6
